PATH
  remote: .
  specs:
    qif (1.2.0)

GEM
  remote: https://rubygems.org/
  specs:
    byebug (8.2.1)
    diff-lcs (1.2.5)
    json (1.8.3)
    rake (10.5.0)
    rdoc (4.2.1)
      json (~> 1.4)
    rspec (3.4.0)
      rspec-core (~> 3.4.0)
      rspec-expectations (~> 3.4.0)
      rspec-mocks (~> 3.4.0)
    rspec-core (3.4.1)
      rspec-support (~> 3.4.0)
    rspec-expectations (3.4.0)
      diff-lcs (>= 1.2.0, < 2.0)
      rspec-support (~> 3.4.0)
    rspec-mocks (3.4.1)
      diff-lcs (>= 1.2.0, < 2.0)
      rspec-support (~> 3.4.0)
    rspec-support (3.4.1)

PLATFORMS
  ruby

DEPENDENCIES
  byebug
  qif!
  rake
  rdoc
  rspec

BUNDLED WITH
   1.11.2
